PATH
  remote: .
  specs:
    smolbars (0.1.6)
      handlebars-source (~> 4)
      mini_racer

GEM
  remote: https://rubygems.org/
  specs:
    diff-lcs (1.6.2)
    handlebars-source (4.7.8)
    libv8-node (24.1.0.0)
    libv8-node (24.1.0.0-aarch64-linux)
    libv8-node (24.1.0.0-arm64-darwin)
    libv8-node (24.1.0.0-x86_64-darwin)
    libv8-node (24.1.0.0-x86_64-linux)
    libv8-node (24.1.0.0-x86_64-linux-musl)
    mini_racer (0.19.0)
      libv8-node (~> 24.1.0.0)
    rake (13.3.0)
    rspec (2.99.0)
      rspec-core (~> 2.99.0)
      rspec-expectations (~> 2.99.0)
      rspec-mocks (~> 2.99.0)
    rspec-core (2.99.2)
    rspec-expectations (2.99.2)
      diff-lcs (>= 1.1.3, < 2.0)
    rspec-mocks (2.99.4)

PLATFORMS
  aarch64-linux
  arm64-darwin
  ruby
  x86_64-darwin
  x86_64-linux
  x86_64-linux-musl

DEPENDENCIES
  rake (~> 13)
  rspec (~> 2.0)
  smolbars!

BUNDLED WITH
   2.6.9
